GEM
  remote: https://rubygems.org/
  specs:
    ashton (0.1.6)
      gosu (~> 0.7)
      opengl (~> 0.9.0)
    byebug (3.5.1)
      columnize (~> 0.8)
      debugger-linecache (~> 1.2)
      slop (~> 3.6)
    columnize (0.9.0)
    debugger-linecache (1.2.0)
    gosu (0.8.6)
    opengl (0.9.2)
    slop (3.6.0)

PLATFORMS
  ruby

DEPENDENCIES
  ashton
  byebug
  gosu
